GEM
  remote: https://rubygems.org/
  specs:
    nokogiri (1.15.2-arm64-darwin)
      racc (~> 1.4)
    racc (1.7.1)

PLATFORMS
  arm64-darwin-22

DEPENDENCIES
  nokogiri

RUBY VERSION
   ruby 3.2.2p53

BUNDLED WITH
   2.4.10
